GEM
  remote: https://rubygems.org/
  specs:
    atk (3.2.7)
      glib2 (= 3.2.7)
    cairo (1.15.13)
      native-package-installer (>= 1.0.3)
      pkg-config (>= 1.2.2)
    cairo-gobject (3.2.7)
      cairo
      glib2 (= 3.2.7)
    coderay (1.1.2)
    faraday (0.15.2)
      multipart-post (>= 1.2, < 3)
    gdk_pixbuf2 (3.2.7)
      gio2 (= 3.2.7)
    gettext (3.2.9)
      locale (>= 2.0.5)
      text (>= 1.3.0)
    gio2 (3.2.7)
      glib2 (= 3.2.7)
      gobject-introspection (= 3.2.7)
    glib2 (3.2.7)
      native-package-installer (>= 1.0.3)
      pkg-config (>= 1.2.2)
    gobject-introspection (3.2.7)
      glib2 (= 3.2.7)
    gtk2 (3.2.7)
      atk (= 3.2.7)
      gdk_pixbuf2 (= 3.2.7)
      pango (= 3.2.7)
    hikidoc (0.1.0)
    kramdown (1.17.0)
    locale (2.1.2)
    mini_portile2 (2.3.0)
    multipart-post (2.0.0)
    native-package-installer (1.0.6)
    nokogiri (1.8.4)
      mini_portile2 (~> 2.3.0)
    pango (3.2.7)
      cairo-gobject (= 3.2.7)
      gobject-introspection (= 3.2.7)
    pkg-config (1.3.1)
    poppler (3.2.7)
      cairo-gobject (= 3.2.7)
      gio2 (= 3.2.7)
    rabbit (2.2.1)
      coderay (>= 1.0.0)
      faraday
      gdk_pixbuf2 (>= 3.0.9)
      gettext (>= 3.0.1)
      gio2
      gtk2
      hikidoc
      kramdown
      nokogiri
      poppler
      rdtool
      rouge
      rsvg2 (>= 3.1.4)
      rttool
    rdtool (0.6.38)
    rouge (3.1.1)
    rsvg2 (3.2.7)
      cairo (>= 1.12.8)
      cairo-gobject (= 3.2.7)
      gdk_pixbuf2 (= 3.2.7)
    rttool (1.0.3.0)
    text (1.3.1)

PLATFORMS
  ruby

DEPENDENCIES
  rabbit

BUNDLED WITH
   1.16.2
